GEM
  remote: https://rubygems.org/
  specs:
    celluloid (0.16.1)
      timers (~> 4.0.0)
    colorator (0.1)
    fastercsv (1.5.5)
    ffi (1.9.10)
    fileutils (0.7)
      rmagick (>= 2.13.1)
    hitimes (1.2.2)
    htmlentities (4.3.2)
    jekyll (3.0.0.pre.beta8)
      colorator (~> 0.1)
      jekyll-sass-converter (~> 1.0)
      jekyll-watch (~> 1.1)
      kramdown (~> 1.3)
      liquid (~> 3.0)
      mercenary (~> 0.3.3)
      rouge (~> 1.7)
      safe_yaml (~> 1.0)
    jekyll-import (0.5.1)
      fastercsv
      jekyll (>= 1.4)
      nokogiri
    jekyll-sass-converter (1.3.0)
      sass (~> 3.2)
    jekyll-watch (1.2.1)
      listen (~> 2.7)
    kramdown (1.8.0)
    liquid (3.0.6)
    listen (2.10.1)
      celluloid (~> 0.16.0)
      rb-fsevent (>= 0.9.3)
      rb-inotify (>= 0.9)
    mercenary (0.3.5)
    mini_portile (0.6.1)
    mysql2 (0.3.17)
    nokogiri (1.6.5)
      mini_portile (~> 0.6.0)
    oembed (0.1.0)
    rb-fsevent (0.9.5)
    rb-inotify (0.9.5)
      ffi (>= 0.5.0)
    rmagick (2.13.4)
    rouge (1.9.1)
    ruby-oembed (0.8.11)
    safe_yaml (1.0.4)
    sass (3.4.16)
    sequel (4.16.0)
    timers (4.0.1)
      hitimes
    unidecode (1.0.0)

PLATFORMS
  ruby

DEPENDENCIES
  fileutils
  htmlentities
  jekyll (>= 3.0.0.beta)
  jekyll-import
  mysql2
  oembed
  ruby-oembed
  safe_yaml
  sequel
  unidecode

BUNDLED WITH
   1.10.6
